PATH
  remote: .
  specs:
    cutting (0.1.0)

GEM
  remote: https://rubygems.org/
  specs:
    ast (2.4.2)
    glfw (3.3.2.0)
    json (2.6.3)
    opengl-bindings2 (2.0.1)
    parallel (1.22.1)
    parser (3.2.0.0)
      ast (~> 2.4.1)
    prettier_print (1.2.0)
    rainbow (3.1.1)
    rake (13.0.6)
    regexp_parser (2.6.1)
    rexml (3.2.5)
    rubocop (1.42.0)
      json (~> 2.3)
      parallel (~> 1.10)
      parser (>= 3.1.2.1)
      rainbow (>= 2.2.2, < 4.0)
      regexp_parser (>= 1.8, < 3.0)
      rexml (>= 3.2.5, < 4.0)
      rubocop-ast (>= 1.24.1, < 2.0)
      ruby-progressbar (~> 1.7)
      unicode-display_width (>= 1.4.0, < 3.0)
    rubocop-ast (1.24.1)
      parser (>= 3.1.1.0)
    ruby-progressbar (1.11.0)
    syntax_tree (5.2.0)
      prettier_print (>= 1.2.0)
    unicode-display_width (2.4.2)

PLATFORMS
  x86_64-linux

DEPENDENCIES
  cutting!
  glfw (~> 3.3)
  opengl-bindings2 (~> 2.0)
  rake (~> 13.0)
  rubocop (~> 1.21)
  syntax_tree (~> 5.2)

BUNDLED WITH
   2.4.1
